GIT
  remote: https://github.com/orbitalimpact/opal-phaser.git
  revision: 7fb55a64170bd2c3c88abd7979b00249f53367f3
  specs:
    opal-phaser (0.1.6)
      opal

GEM
  remote: https://rubygems.org/
  specs:
    json (1.8.2)
    opal (0.6.3)
      source_map
      sprockets
    rack (1.6.0)
    rack-protection (1.5.3)
      rack
    sinatra (1.4.6)
      rack (~> 1.4)
      rack-protection (~> 1.4)
      tilt (>= 1.3, < 3)
    source_map (3.0.1)
      json
    sprockets (1.0.2)
    tilt (2.0.1)

PLATFORMS
  ruby

DEPENDENCIES
  opal-phaser!
  sinatra
